PATH
  remote: .
  specs:
    tg_bot_base (0.2.3)
      pid_file_block
      telegram-bot-ruby

GEM
  remote: https://rubygems.org/
  specs:
    axiom-types (0.1.1)
      descendants_tracker (~> 0.0.4)
      ice_nine (~> 0.11.0)
      thread_safe (~> 0.3, >= 0.3.1)
    coercible (1.0.0)
      descendants_tracker (~> 0.0.1)
    descendants_tracker (0.0.4)
      thread_safe (~> 0.3, >= 0.3.1)
    equalizer (0.0.11)
    faraday (1.0.1)
      multipart-post (>= 1.2, < 3)
    ice_nine (0.11.2)
    inflecto (0.0.2)
    minitest (5.14.2)
    multipart-post (2.1.1)
    pid_file_block (1.1.0)
    rake (13.0.1)
    telegram-bot-ruby (0.12.0)
      faraday
      inflecto
      virtus
    thread_safe (0.3.6)
    virtus (1.0.5)
      axiom-types (~> 0.1)
      coercible (~> 1.0)
      descendants_tracker (~> 0.0, >= 0.0.3)
      equalizer (~> 0.0, >= 0.0.9)

PLATFORMS
  ruby

DEPENDENCIES
  bundler (~> 2.1)
  minitest (~> 5.0)
  rake (~> 13.0)
  tg_bot_base!

BUNDLED WITH
   2.1.4
